GEM
  remote: https://rubygems.org/
  specs:
    activesupport (6.1.4.1)
      concurrent-ruby (~> 1.0, >= 1.0.2)
      i18n (>= 1.6, < 2)
      minitest (>= 5.1)
      tzinfo (~> 2.0)
      zeitwerk (~> 2.3)
    ast (2.4.2)
    chronic_duration (0.10.6)
      numerizer (~> 0.1.1)
    concurrent-ruby (1.1.9)
    gitlab-styles (4.3.0)
      rubocop (~> 0.82.0)
      rubocop-gitlab-security (~> 0.1.0)
      rubocop-performance (~> 1.5.2)
      rubocop-rails (~> 2.5)
      rubocop-rspec (~> 1.36)
    i18n (1.8.11)
      concurrent-ruby (~> 1.0)
    jaro_winkler (1.5.4)
    minitest (5.14.4)
    numerizer (0.1.1)
    open3 (0.1.1)
    optimist (3.0.1)
    parallel (1.21.0)
    parser (3.0.3.2)
      ast (~> 2.4.1)
    rack (2.2.3)
    rainbow (3.0.0)
    rexml (3.2.5)
    rubocop (0.82.0)
      jaro_winkler (~> 1.5.1)
      parallel (~> 1.10)
      parser (>= 2.7.0.1)
      rainbow (>= 2.2.2, < 4.0)
      rexml
      ruby-progressbar (~> 1.7)
      unicode-display_width (>= 1.4.0, < 2.0)
    rubocop-gitlab-security (0.1.1)
      rubocop (>= 0.51)
    rubocop-performance (1.5.2)
      rubocop (>= 0.71.0)
    rubocop-rails (2.6.0)
      activesupport (>= 4.2.0)
      rack (>= 1.1)
      rubocop (>= 0.82.0)
    rubocop-rspec (1.37.1)
      rubocop (>= 0.68.1)
    ruby-progressbar (1.11.0)
    tzinfo (2.0.4)
      concurrent-ruby (~> 1.0)
    unicode-display_width (1.8.0)
    zeitwerk (2.5.1)

PLATFORMS
  ruby

DEPENDENCIES
  chronic_duration
  gitlab-styles
  open3
  optimist
  rainbow
  rubocop (~> 0.82.0)
  rubocop-performance (~> 1.5.2)
  rubocop-rspec (~> 1.37.1)

RUBY VERSION
   ruby 2.7.5p203

BUNDLED WITH
   2.2.32
